# Please go to https://github.com/gabbysohappy/lunch_lady_assignment to see the repository

GEM
  remote: https://rubygems.org/
  specs:
    colorize (0.8.1)

PLATFORMS
  ruby

DEPENDENCIES
  colorize

BUNDLED WITH
   2.0.2
